GIT
  remote: git://github.com/colszowka/simplecov.git
  revision: a3387f7b25100939df6a5af339580cbe3055cdc6
  specs:
    simplecov (0.8.0.pre)
      multi_json
      simplecov-html (~> 0.7.1)

GIT
  remote: git://github.com/rom-rb/devtools.git
  revision: 49e6b05b9915c990a2e45dc24f7318b4d7a95e88
  specs:
    devtools (0.0.2)

GIT
  remote: git://github.com/troessner/reek.git
  revision: c901c37f8a1de8e8a89221710ae37ea89a768db0
  specs:
    reek (1.3.2)
      ruby2ruby (~> 2.0.2)
      ruby_parser (~> 3.1.1)
      sexp_processor

PATH
  remote: .
  specs:
    hexp (0.2.0)
      equalizer (~> 0.0)
      ice_nine (~> 0.8)
      nokogiri (~> 1.6)
      sass (~> 3.2)

GEM
  remote: https://rubygems.org/
  specs:
    adamantium (0.0.11)
      ice_nine (~> 0.8.0)
    ast (1.1.0)
    backports (3.3.3)
    bouncy-castle-java (1.5.0147)
    coderay (1.0.9)
    colorize (0.5.8)
    coveralls (0.6.7)
      colorize
      multi_json (~> 1.3)
      rest-client
      simplecov (>= 0.7)
      thor
    diff-lcs (1.2.4)
    equalizer (0.0.5)
      adamantium (~> 0.0.6)
      backports (~> 3.0, >= 3.0.3)
    ffi (1.9.0)
    ffi (1.9.0-java)
    ffi-hunspell (0.3.0)
      ffi (~> 1.0)
    flay (2.3.1)
      ruby_parser (~> 3.0)
      sexp_processor (~> 4.0)
    flog (4.1.1)
      ruby_parser (~> 3.1, > 3.1.0)
      sexp_processor (~> 4.0)
    formatador (0.2.4)
    guard (1.8.2)
      formatador (>= 0.2.4)
      listen (>= 1.0.0)
      lumberjack (>= 1.0.2)
      pry (>= 0.9.10)
      thor (>= 0.14.6)
    guard-bundler (1.0.0)
      bundler (~> 1.0)
      guard (~> 1.1)
    guard-rspec (3.0.2)
      guard (>= 1.8)
      rspec (~> 2.13)
    guard-rubocop (0.2.1)
      guard (~> 1.8)
      rubocop (~> 0.9)
    ice_nine (0.8.0)
    jruby-openssl (0.8.8)
      bouncy-castle-java (>= 1.5.0147)
    json (1.8.0)
    kramdown (1.1.0)
    libnotify (0.8.1)
      ffi (>= 1.0.11)
    listen (1.2.3)
      rb-fsevent (>= 0.9.3)
      rb-inotify (>= 0.9)
      rb-kqueue (>= 0.2)
    lumberjack (1.0.4)
    method_source (0.8.2)
    mime-types (1.24)
    mini_portile (0.5.1)
    multi_json (1.7.9)
    nokogiri (1.6.0)
      mini_portile (~> 0.5.0)
    nokogiri (1.6.0-java)
      mini_portile (~> 0.5.0)
    parser (2.0.0.pre1)
      ast (~> 1.1)
      slop (~> 3.4, >= 3.4.5)
    pelusa (0.2.2)
    pry (0.9.12.2)
      coderay (~> 1.0.5)
      method_source (~> 0.8)
      slop (~> 3.4)
    pry (0.9.12.2-java)
      coderay (~> 1.0.5)
      method_source (~> 0.8)
      slop (~> 3.4)
      spoon (~> 0.0)
    rainbow (1.1.4)
    rake (10.1.0)
    rb-fchange (0.0.6)
      ffi
    rb-fsevent (0.9.3)
    rb-inotify (0.9.1)
      ffi (>= 0.5.0)
    rb-kqueue (0.2.0)
      ffi (>= 0.5.0)
    rb-notifu (0.0.4)
    rbench (0.2.3)
    rest-client (1.6.7)
      mime-types (>= 1.16)
    rspec (2.14.1)
      rspec-core (~> 2.14.0)
      rspec-expectations (~> 2.14.0)
      rspec-mocks (~> 2.14.0)
    rspec-core (2.14.5)
    rspec-expectations (2.14.2)
      diff-lcs (>= 1.1.3, < 2.0)
    rspec-mocks (2.14.3)
    rubocop (0.9.1)
      parser (= 2.0.0.pre1)
      rainbow (>= 1.1.4)
    ruby2ruby (2.0.6)
      ruby_parser (~> 3.1)
      sexp_processor (~> 4.0)
    ruby_parser (3.1.3)
      sexp_processor (~> 4.1)
    sass (3.2.10)
    sexp_processor (4.2.1)
    simplecov-html (0.7.1)
    slop (3.4.6)
    spoon (0.0.4)
      ffi
    terminal-notifier-guard (1.5.3)
    thor (0.18.1)
    yard (0.8.6.2)
    yard-spellcheck (0.1.5)
      ffi-hunspell (~> 0.2)
      yard (~> 0.6)
    yardstick (0.9.6)
      backports (~> 3.3, >= 3.3.0)
      yard (~> 0.8, >= 0.8.6)

PLATFORMS
  java
  ruby

DEPENDENCIES
  coveralls (~> 0.6.7)
  devtools!
  flay (~> 2.3.0)
  flog (~> 4.1.0)
  guard (~> 1.8.1)
  guard-bundler (~> 1.0.0)
  guard-rspec (~> 3.0.2)
  guard-rubocop (~> 0.2.0)
  hexp!
  jruby-openssl (~> 0.8.5)
  json (~> 1.8.0)
  kramdown (~> 1.1.0)
  libnotify (~> 0.8.0)
  listen (~> 1.2.2)
  pelusa (~> 0.2.2)
  rake (~> 10.1.0)
  rb-fchange (~> 0.0.6)
  rb-fsevent (~> 0.9.3)
  rb-inotify (~> 0.9.0)
  rb-notifu (~> 0.0.4)
  rbench (~> 0.2.3)
  reek!
  rspec (~> 2.14.0)
  rubocop (~> 0.9.1)
  simplecov!
  terminal-notifier-guard (~> 1.5.3)
  yard (~> 0.8.6.2)
  yard-spellcheck (~> 0.1.5)
  yardstick (~> 0.9.6)
